GEM
  remote: https://rubygems.org/
  specs:
    blankslate (2.1.2.4)
    breakpoint (2.4.2)
      sass (~> 3.3.0)
      sassy-maps (< 1.0.0)
    chunky_png (1.3.1)
    colorize (0.7.3)
    compass (1.0.0.alpha.20)
      chunky_png (~> 1.2)
      compass-core (~> 1.0.0.alpha.20)
      compass-import-once (~> 1.0.4)
      rb-fsevent (>= 0.9.3)
      rb-inotify (>= 0.9)
      sass (>= 3.3.0, < 3.5)
    compass-core (1.0.0.alpha.20)
      multi_json (~> 1.0)
      sass (>= 3.3.0, < 3.5)
    compass-import-once (1.0.4)
      sass (>= 3.2, < 3.5)
    compass-rgbapng (0.2.1)
      chunky_png (>= 0.8.0)
      compass (>= 0.10.0)
    csscss (1.3.3)
      colorize
      parslet (>= 1.6.1, < 2.0)
    ffi (1.9.3)
    multi_json (1.10.1)
    parslet (1.6.1)
      blankslate (~> 2.0)
    rb-fsevent (0.9.4)
    rb-inotify (0.9.5)
      ffi (>= 0.5.0)
    sass (3.3.10)
    sass-globbing (1.1.1)
      sass (>= 3.1)
    sassy-maps (0.4.0)
      sass (~> 3.3)
    susy (2.0.0)
      sass (~> 3.3.0)

PLATFORMS
  ruby

DEPENDENCIES
  breakpoint (~> 2.4.2)
  compass (~> 1.0.0.alpha.20)
  compass-rgbapng (~> 0.2.1)
  csscss (~> 1.3.2)
  sass (~> 3.3.10)
  sass-globbing (~> 1.1.0)
  susy (~> 2.0.0)
